PATH
  remote: .
  specs:
    pak (0.1.0)
      gli (~> 2.21)

GEM
  remote: https://rubygems.org/
  specs:
    ast (2.4.2)
    diff-lcs (1.5.0)
    gli (2.21.0)
    kwalify (0.7.2)
    parser (3.1.2.0)
      ast (~> 2.4.1)
    rainbow (3.1.1)
    rake (13.0.6)
    reek (6.1.1)
      kwalify (~> 0.7.0)
      parser (~> 3.1.0)
      rainbow (>= 2.0, < 4.0)
    rspec (3.11.0)
      rspec-core (~> 3.11.0)
      rspec-expectations (~> 3.11.0)
      rspec-mocks (~> 3.11.0)
    rspec-core (3.11.0)
      rspec-support (~> 3.11.0)
    rspec-expectations (3.11.0)
      diff-lcs (>= 1.2.0, < 2.0)
      rspec-support (~> 3.11.0)
    rspec-mocks (3.11.0)
      diff-lcs (>= 1.2.0, < 2.0)
      rspec-support (~> 3.11.0)
    rspec-support (3.11.0)
    rufo (0.13.0)

PLATFORMS
  x86_64-linux

DEPENDENCIES
  pak!
  rake (~> 13.0, >= 13.0.6)
  reek (~> 6.1.1)
  rspec (~> 3.11)
  rufo (~> 0.13.0)

BUNDLED WITH
   2.3.12
